NUGET
  remote: https://nuget.org/api/v2
  specs:
    FAKE (4.4.4)
    Moq (4.2.1507.0118)
    NLog (4.1.2) - framework: >= net45
    NUnit (2.6.4)
    NUnit.Runners (2.6.4)
    Shouldly (2.6.0) - framework: >= net45
    XmlRpcLight (1.0.0.0) - framework: >= net45
