NUGET
  remote: https://www.nuget.org/api/v2
  specs:
    FAKE (4.22.9)
    ILRepack (2.0.10)
    Moq (4.2.1510.2205)
    NLog (4.1.2) - framework: >= net45
    NUnit (3.2)
    NUnit.ConsoleRunner (3.2)
    NUnit.Extension.NUnitProjectLoader (3.2)
    NUnit.Extension.NUnitV2Driver (3.2)
    NUnit.Extension.NUnitV2ResultWriter (3.2)
    NUnit.Extension.VSProjectLoader (3.2)
    NUnit.Runners (3.2)
      NUnit.ConsoleRunner (3.2)
      NUnit.Extension.NUnitProjectLoader (3.2)
      NUnit.Extension.NUnitV2Driver (3.2)
      NUnit.Extension.NUnitV2ResultWriter (3.2)
      NUnit.Extension.VSProjectLoader (3.2)
    Shouldly (2.6) - framework: >= net45
    XmlRpcLight (1.0) - framework: >= net45
